GEM
  remote: https://rubygems.org/
  specs:
    eventmachine (1.0.9.1)
    websocket (1.2.2)
    websocket-eventmachine-base (1.1.1)
      eventmachine (~> 1.0)
      websocket (~> 1.0)
      websocket-native (~> 1.0)
    websocket-eventmachine-client (1.1.0)
      websocket-eventmachine-base (~> 1.0)
    websocket-native (1.0.0)

PLATFORMS
  ruby

DEPENDENCIES
  eventmachine
  websocket-eventmachine-client

BUNDLED WITH
   1.11.2
